GEM
  remote: https://rubygems.org/
  specs:
    apiaryio (0.3.2)
      json (~> 1.8)
      rack (~> 1.6.4)
      rake (~> 10.4)
      rest-client (~> 1.8)
      thor (~> 0.19.1)
    domain_name (0.5.25)
      unf (>= 0.0.5, < 1.0.0)
    http-cookie (1.0.2)
      domain_name (~> 0.5)
    json (1.8.3)
    mime-types (2.6.2)
    netrc (0.11.0)
    rack (1.6.4)
    rake (10.4.2)
    rest-client (1.8.0)
      http-cookie (>= 1.0.2, < 2.0)
      mime-types (>= 1.16, < 3.0)
      netrc (~> 0.7)
    thor (0.19.1)
    unf (0.1.4)
      unf_ext
    unf_ext (0.0.7.1)

PLATFORMS
  ruby

DEPENDENCIES
  apiaryio

BUNDLED WITH
   1.10.6
